PATH
  remote: .
  specs:
    rubyDate (0.1.1)

GEM
  remote: https://rubygems.org/
  specs:
    rake (13.0.3)

PLATFORMS
  x64-mingw32

DEPENDENCIES
  rake (~> 13.0)
  rubyDate!

BUNDLED WITH
   2.2.13
